GEM
  remote: https://rubygems.org/
  specs:
    builder (3.2.4)
    fakes3 (2.0.0)
      builder
      thor
      xml-simple
    thor (1.1.0)
    xml-simple (1.1.8)

PLATFORMS
  ruby

DEPENDENCIES
  fakes3

BUNDLED WITH
   2.1.4
