GEM
  remote: https://rubygems.org/
  specs:
    builder (3.2.4)
    coderay (1.1.3)
    fakes3 (2.0.0)
      builder
      thor
      xml-simple
    ffi (1.15.0)
    method_source (1.0.0)
    pry (0.14.0)
      coderay (~> 1.1)
      method_source (~> 1.0)
    rb-inotify (0.10.1)
      ffi (~> 1.0)
    thor (1.1.0)
    xml-simple (1.1.8)

PLATFORMS
  ruby

DEPENDENCIES
  fakes3
  pry
  rb-inotify

BUNDLED WITH
   2.1.4
