GEM
  remote: https://rubygems.org/
  specs:
    backticks (1.0.2)
    coderay (1.1.3)
    daemons (1.3.1)
    docker-compose (1.1.12)
      backticks (~> 1.0)
    docker-sync (0.5.14)
      daemons (~> 1.2, >= 1.2.3)
      docker-compose (~> 1.1, >= 1.1.7)
      dotenv (~> 2.1, >= 2.1.1)
      gem_update_checker (~> 0.2.0, >= 0.2.0)
      os
      terminal-notifier (= 2.0.0)
      thor (~> 0.20, >= 0.20.0)
    dotenv (2.7.6)
    ffi (1.13.1)
    gem_update_checker (0.2.0)
    method_source (1.0.0)
    os (1.1.1)
    pry (0.13.1)
      coderay (~> 1.1)
      method_source (~> 1.0)
    rb-inotify (0.10.1)
      ffi (~> 1.0)
    terminal-notifier (2.0.0)
    thor (0.20.3)

PLATFORMS
  ruby

DEPENDENCIES
  docker-sync
  pry
  rb-inotify

BUNDLED WITH
   2.1.4
