GEM
  remote: https://rubygems.org/
  specs:

PLATFORMS
  ruby

DEPENDENCIES
  bundler (= 1.17.3)

BUNDLED WITH
   1.17.3
